GEM
  remote: https://www.rubygems.org/
  specs:
    Ascii85 (1.0.3)
    afm (0.2.2)
    coderay (1.1.2)
    hashery (2.1.2)
    method_source (0.9.2)
    pdf-reader (2.4.0)
      Ascii85 (~> 1.0.0)
      afm (~> 0.2.1)
      hashery (~> 2.0)
      ruby-rc4
      ttfunk
    pry (0.12.2)
      coderay (~> 1.1.0)
      method_source (~> 0.9.0)
    ruby-rc4 (0.1.5)
    ttfunk (1.6.1)

PLATFORMS
  ruby

DEPENDENCIES
  pdf-reader
  pry

BUNDLED WITH
   2.1.4
